GEM
  specs:
    gosu (0.7.41)

PLATFORMS
  ruby

DEPENDENCIES
  gosu
